GEM
  remote: https://rubygems.org/
  specs:
    concurrent-ruby (1.3.5)
    csv (3.3.4)
    date (3.4.1)
    debug (1.10.0)
      irb (~> 1.10)
      reline (>= 0.3.8)
    dotenv (3.1.8)
    io-console (0.8.0)
    irb (1.15.2)
      pp (>= 0.6.0)
      rdoc (>= 4.0.0)
      reline (>= 0.4.2)
    pp (0.6.2)
      prettyprint
    prettyprint (0.2.0)
    psych (5.2.3)
      date
      stringio
    rdoc (6.13.1)
      psych (>= 4.0.0)
    reline (0.6.1)
      io-console (~> 0.5)
    stringio (3.1.6)
    thor (1.3.2)
    time (0.4.1)
      date
    tzinfo (2.0.6)
      concurrent-ruby (~> 1.0)
    x (0.15.2)

PLATFORMS
  arm64-darwin-22
  ruby

DEPENDENCIES
  csv
  debug
  dotenv
  thor
  time
  tzinfo
  x

RUBY VERSION
   ruby 3.2.2p53

BUNDLED WITH
   2.6.3
